PATH
  remote: .
  specs:
    puppet-library (0.14.0)
      docile (>= 1.0.0)
      haml
      json
      open4
      sinatra

GEM
  remote: https://rubygems.org/
  specs:
    coderay (1.1.0)
    coveralls (0.7.0)
      multi_json (~> 1.3)
      rest-client
      simplecov (>= 0.7)
      term-ansicolor
      thor
    diff-lcs (1.2.5)
    docile (1.1.3)
    facter (1.7.5)
    gitsu (2.0.4)
    haml (4.0.5)
      tilt
    hiera (1.3.2)
      json_pure
    json (1.8.1)
    json_pure (1.8.1)
    librarian-puppet (0.9.10)
      json
      thor (~> 0.15)
    method_source (0.8.2)
    mime-types (1.25.1)
    multi_json (1.9.0)
    open4 (1.3.3)
    pry (0.9.12.6)
      coderay (~> 1.0)
      method_source (~> 0.8)
      slop (~> 3.4)
    puppet (3.3.2)
      facter (~> 1.6)
      hiera (~> 1.0)
      rgen (~> 0.6.5)
    rack (1.5.2)
    rack-protection (1.5.2)
      rack
    rack-test (0.6.2)
      rack (>= 1.0)
    rake (10.1.1)
    rest-client (1.6.7)
      mime-types (>= 1.16)
    rgen (0.6.6)
    rspec (2.14.1)
      rspec-core (~> 2.14.0)
      rspec-expectations (~> 2.14.0)
      rspec-mocks (~> 2.14.0)
    rspec-core (2.14.8)
    rspec-expectations (2.14.5)
      diff-lcs (>= 1.1.3, < 2.0)
    rspec-mocks (2.14.6)
    simplecov (0.8.2)
      docile (~> 1.1.0)
      multi_json
      simplecov-html (~> 0.8.0)
    simplecov-html (0.8.0)
    sinatra (1.4.4)
      rack (~> 1.4)
      rack-protection (~> 1.4)
      tilt (~> 1.3, >= 1.3.4)
    slop (3.5.0)
    term-ansicolor (1.3.0)
      tins (~> 1.0)
    thor (0.18.1)
    tilt (1.4.1)
    tins (1.0.0)

PLATFORMS
  ruby

DEPENDENCIES
  bundler (~> 1.3)
  coveralls
  gitsu
  librarian-puppet (= 0.9.10)
  mime-types (< 2)
  pry
  puppet (~> 3.3.0)
  puppet-library!
  rack-test
  rake
  rspec
  simplecov
